GEM
  remote: https://rubygems.org/
  specs:
    activesupport (4.2.5)
      i18n (~> 0.7)
      json (~> 1.7, >= 1.7.7)
      minitest (~> 5.1)
      thread_safe (~> 0.3, >= 0.3.4)
      tzinfo (~> 1.1)
    addressable (2.4.0)
    autoprefixer-rails (6.1.2)
      execjs
      json
    babel-source (5.8.34)
    babel-transpiler (0.7.0)
      babel-source (>= 4.0, < 6)
      execjs (~> 2.0)
    colorator (0.1)
    concurrent-ruby (1.0.0)
    execjs (2.6.0)
    fastimage (1.8.1)
      addressable (~> 2.3, >= 2.3.5)
    ffi (1.9.10)
    gemoji (2.1.0)
    html-pipeline (2.2.2)
      activesupport (>= 2, < 5)
      nokogiri (>= 1.4)
    i18n (0.7.0)
    jekyll (3.0.1)
      colorator (~> 0.1)
      jekyll-sass-converter (~> 1.0)
      jekyll-watch (~> 1.1)
      kramdown (~> 1.3)
      liquid (~> 3.0)
      mercenary (~> 0.3.3)
      rouge (~> 1.7)
      safe_yaml (~> 1.0)
    jekyll-assets (2.1.2)
      fastimage (~> 1.8)
      jekyll (~> 3.0)
      sprockets (~> 3.3)
      sprockets-helpers (~> 1.2)
      tilt (~> 2.0)
    jekyll-feed (0.3.1)
    jekyll-paginate (1.1.0)
    jekyll-sass-converter (1.3.0)
      sass (~> 3.2)
    jekyll-sitemap (0.9.0)
    jekyll-watch (1.3.0)
      listen (~> 3.0)
    jemoji (0.5.1)
      gemoji (~> 2.0)
      html-pipeline (~> 2.2)
      jekyll (>= 2.0)
    json (1.8.3)
    kramdown (1.9.0)
    libv8 (3.16.14.13)
    liquid (3.0.6)
    listen (3.0.5)
      rb-fsevent (>= 0.9.3)
      rb-inotify (>= 0.9)
    mercenary (0.3.5)
    mini_magick (4.3.6)
    mini_portile2 (2.0.0)
    minitest (5.8.3)
    nokogiri (1.6.7)
      mini_portile2 (~> 2.0.0.rc2)
    rack (1.6.4)
    rb-fsevent (0.9.6)
    rb-inotify (0.9.5)
      ffi (>= 0.5.0)
    ref (2.0.0)
    rouge (1.10.1)
    safe_yaml (1.0.4)
    sass (3.4.20)
    sprockets (3.5.2)
      concurrent-ruby (~> 1.0)
      rack (> 1, < 3)
    sprockets-es6 (0.8.2)
      babel-source (>= 5.8.11)
      babel-transpiler
      sprockets (>= 3.0.0)
    sprockets-helpers (1.2.1)
      sprockets (>= 2.2)
    therubyracer (0.12.2)
      libv8 (~> 3.16.14.0)
      ref
    thread_safe (0.3.5)
    tilt (2.0.1)
    tzinfo (1.2.2)
      thread_safe (~> 0.1)
    uglifier (2.7.2)
      execjs (>= 0.3.0)
      json (>= 1.8.0)

PLATFORMS
  ruby

DEPENDENCIES
  autoprefixer-rails (~> 6.0)
  jekyll
  jekyll-assets
  jekyll-feed
  jekyll-paginate
  jekyll-sitemap
  jemoji
  mini_magick (~> 4.2)
  sprockets-es6 (~> 0.6)
  therubyracer
  uglifier

BUNDLED WITH
   1.10.6
